GEM
  remote: https://rubygems.org/
  specs:
    bloomfilter-rb (2.1.1)
      redis
    byebug (10.0.2)
    coderay (1.1.2)
    diff-lcs (1.3)
    lex (0.1.0)
    memoist (0.16.0)
    method_source (0.9.0)
    pry (0.11.3)
      coderay (~> 1.1.0)
      method_source (~> 0.9.0)
    pry-byebug (3.6.0)
      byebug (~> 10.0)
      pry (~> 0.10)
    redis (4.0.1)
    rspec (3.7.0)
      rspec-core (~> 3.7.0)
      rspec-expectations (~> 3.7.0)
      rspec-mocks (~> 3.7.0)
    rspec-core (3.7.1)
      rspec-support (~> 3.7.0)
    rspec-expectations (3.7.0)
      diff-lcs (>= 1.2.0, < 2.0)
      rspec-support (~> 3.7.0)
    rspec-mocks (3.7.0)
      diff-lcs (>= 1.2.0, < 2.0)
      rspec-support (~> 3.7.0)
    rspec-support (3.7.1)

PLATFORMS
  ruby

DEPENDENCIES
  bloomfilter-rb
  byebug
  lex
  memoist
  pry-byebug
  rspec

BUNDLED WITH
   1.16.1
